GEM
  remote: https://rubygems.org/
  specs:
    gelf (1.3.2)
      json
    json (1.7.5)
    rake (0.9.2.2)

PLATFORMS
  ruby

DEPENDENCIES
  gelf
  rake
