PATH
  remote: .
  specs:
    gray_logger (0.11.10)
      gelf

GEM
  remote: https://rubygems.org/
  specs:
    coderay (1.0.8)
    gelf (1.3.2)
      json
    growl (1.0.3)
    guard (1.5.4)
      listen (>= 0.4.2)
      lumberjack (>= 1.0.2)
      pry (>= 0.9.10)
      thor (>= 0.14.6)
    guard-minitest (0.5.0)
      guard (>= 0.4)
    json (1.7.5)
    listen (0.5.3)
    lumberjack (1.0.2)
    metaclass (0.0.1)
    method_source (0.8.1)
    minitest (2.12.1)
    minitest-colorize (0.0.4)
      minitest (~> 2.0)
    mocha (0.13.0)
      metaclass (~> 0.0.1)
    pry (0.9.10)
      coderay (~> 1.0.5)
      method_source (~> 0.8)
      slop (~> 3.3.1)
    rake (0.9.2.2)
    slop (3.3.3)
    thor (0.16.0)

PLATFORMS
  ruby

DEPENDENCIES
  gray_logger!
  growl
  guard-minitest
  minitest
  minitest-colorize
  mocha
  rake
